GEM
  remote: https://rubygems.org/
  specs:
    backports (3.8.0)
    daemons (1.2.4)
    eventmachine (1.2.5)
    geoip (1.6.3)
    haml (5.0.3)
      temple (>= 0.8.0)
      tilt
    jsobfu (0.4.2)
      rkelly-remix
    multi_json (1.12.2)
    rack (1.6.8)
    rack-attack (5.0.1)
      rack
    rack-protection (1.5.3)
      rack
    rack-test (0.7.0)
      rack (>= 1.0, < 3)
    rack-throttle (0.5.0)
      bundler (>= 1.0.0)
      rack (>= 1.0.0)
    rkelly-remix (0.0.7)
    sinatra (1.4.8)
      rack (~> 1.5)
      rack-protection (~> 1.4)
      tilt (>= 1.3, < 3)
    sinatra-captcha (0.1.0.0)
    sinatra-contrib (1.4.7)
      backports (>= 2.0)
      multi_json
      rack-protection
      rack-test
      sinatra (~> 1.4.0)
      tilt (>= 1.3, < 3)
    sinatra-flash (0.3.0)
      sinatra (>= 1.0.0)
    sinatra-json (0.1.0)
      multi_json (~> 1.0)
      sinatra (~> 1.0)
    sinatra-param (1.4.0)
      sinatra (~> 1.3)
    sqlite3 (1.3.13)
    temple (0.8.0)
    thin (1.7.0)
      daemons (~> 1.0, >= 1.0.9)
      eventmachine (~> 1.0, >= 1.0.4)
      rack (>= 1, < 3)
    tilt (2.0.8)
    unicode (0.4.4.4)

PLATFORMS
  ruby

DEPENDENCIES
  geoip
  haml
  jsobfu
  rack (~> 1.5)
  rack-attack
  rack-throttle
  sinatra (~> 1.3)
  sinatra-captcha
  sinatra-contrib
  sinatra-flash
  sinatra-json
  sinatra-param
  sqlite3
  thin
  unicode

BUNDLED WITH
   1.16.0.pre.2
